GEM
  remote: https://rubygems.org/
  specs:
    async (1.30.0)
      console (~> 1.10)
      nio4r (~> 2.3)
      timers (~> 4.1)
    coderay (1.1.3)
    console (1.13.1)
      fiber-local
    fiber-local (1.0.0)
    method_source (1.0.0)
    nio4r (2.5.7)
    pastel (0.8.0)
      tty-color (~> 0.5)
    pry (0.14.1)
      coderay (~> 1.1)
      method_source (~> 1.0)
    strings (0.2.1)
      strings-ansi (~> 0.2)
      unicode-display_width (>= 1.5, < 3.0)
      unicode_utils (~> 1.4)
    strings-ansi (0.2.0)
    timers (4.3.3)
    tty-box (0.7.0)
      pastel (~> 0.8)
      strings (~> 0.2.0)
      tty-cursor (~> 0.7)
    tty-color (0.6.0)
    tty-cursor (0.7.1)
    tty-screen (0.8.1)
    unicode-display_width (2.0.0)
    unicode_utils (1.4.0)

PLATFORMS
  x86_64-darwin-20

DEPENDENCIES
  async (~> 1.30)
  pry (~> 0.14.1)
  tty-box (~> 0.7.0)
  tty-screen (~> 0.8.1)

BUNDLED WITH
   2.2.15
