GEM
  remote: https://rubygems.org/
  specs:
    async (1.30.0)
      console (~> 1.10)
      nio4r (~> 2.3)
      timers (~> 4.1)
    coderay (1.1.3)
    console (1.13.1)
      fiber-local
    fiber-local (1.0.0)
    method_source (1.0.0)
    nio4r (2.5.7)
    pry (0.14.1)
      coderay (~> 1.1)
      method_source (~> 1.0)
    timers (4.3.3)

PLATFORMS
  x86_64-darwin-20

DEPENDENCIES
  async (~> 1.30)
  pry (~> 0.14.1)

BUNDLED WITH
   2.2.15
